GIT
  remote: git://github.com/mytestbed/omf_web
  revision: 6a97e884d0562cb747b6ac77d2528dcd6c73a099
  specs:
    omf_web (0.9.7)
      activesupport (~> 3.0.0)
      coderay (~> 1.0.6)
      erector (~> 0.8.3)
      grit (~> 2.5.0)
      json (~> 1.7.3)
      log4r (~> 1.1.10)
      maruku (~> 0.6.0)
      omf_oml (~> 0.9)
      postgres-pr (~> 0.6.3)
      rack (~> 1.3.5)
      ritex (~> 1.0.1)
      sqlite3 (~> 1.3.6)
      thin (~> 1.3.1)
      websocket-rack (~> 0.4.0)

PATH
  remote: .
  specs:
    labwiki (0.12)
      omf_web (~> 0.9)
      ruby_parser (~> 2.3.1)

GEM
  remote: http://rubygems.org/
  specs:
    activesupport (3.0.20)
    addressable (2.3.3)
    coderay (1.0.9)
    daemons (1.1.9)
    diff-lcs (1.2.1)
    em-websocket (0.3.8)
      addressable (>= 2.1.1)
      eventmachine (>= 0.12.9)
    erector (0.8.3)
      rake
      rake
      treetop
      treetop (>= 1.2.3)
    eventmachine (1.0.1)
    grit (2.5.0)
      diff-lcs (~> 1.1)
      mime-types (~> 1.15)
      posix-spawn (~> 0.3.6)
    json (1.7.7)
    log4r (1.1.10)
    maruku (0.6.1)
      syntax (>= 1.0.0)
    mime-types (1.21)
    omf_oml (0.9.5)
      sqlite3 (~> 1.3.6)
    polyglot (0.3.3)
    posix-spawn (0.3.6)
    postgres-pr (0.6.3)
    rack (1.3.10)
    rake (10.0.3)
    ritex (1.0.1)
    ruby_parser (2.3.1)
      sexp_processor (~> 3.0)
    sexp_processor (3.2.0)
    sqlite3 (1.3.7)
    syntax (1.0.0)
    thin (1.3.1)
      daemons (>= 1.0.9)
      eventmachine (>= 0.12.6)
      rack (>= 1.0.0)
    treetop (1.4.12)
      polyglot
      polyglot (>= 0.3.1)
    websocket-rack (0.4.0)
      em-websocket (~> 0.3.6)
      eventmachine (~> 1.0.0.beta.4)
      rack
      thin

PLATFORMS
  ruby

DEPENDENCIES
  labwiki!
  omf_web (~> 0.9)!
